GEM
  remote: https://rubygems.org/
  specs:
    builder (3.2.2)
    childprocess (0.5.3)
      ffi (~> 1.0, >= 1.0.11)
    concurrent-ruby (1.1.10)
    cucumber (1.3.17)
      builder (>= 2.1.2)
      diff-lcs (>= 1.1.3)
      gherkin (~> 2.12)
      multi_json (>= 1.7.5, < 2.0)
      multi_test (>= 0.1.1)
    data_magic (1.2)
      faker (>= 1.1.2)
      yml_reader (>= 0.6)
    diff-lcs (1.2.5)
    faker (2.21.0)
      i18n (>= 1.8.11, < 2)
    ffi (1.9.5)
    gherkin (2.12.2)
      multi_json (~> 1.3)
    headless (1.0.2)
    i18n (1.10.0)
      concurrent-ruby (~> 1.0)
    multi_json (1.10.1)
    multi_test (0.1.1)
    page-object (1.0.2)
      page_navigation (>= 0.9)
      selenium-webdriver (>= 2.42.0)
      watir-webdriver (>= 0.6.9)
    page_navigation (0.10)
      data_magic (>= 0.22)
    rspec-expectations (3.1.1)
      diff-lcs (>= 1.2.0, < 2.0)
      rspec-support (~> 3.1.0)
    rspec-support (3.1.0)
    rubyzip (1.1.6)
    selenium-webdriver (2.43.0)
      childprocess (~> 0.5)
      multi_json (~> 1.0)
      rubyzip (~> 1.0)
      websocket (~> 1.0)
    watir-webdriver (0.6.11)
      selenium-webdriver (>= 2.18.0)
    websocket (1.2.1)
    yml_reader (0.7)

PLATFORMS
  ruby

DEPENDENCIES
  cucumber
  headless
  page-object
  rspec-expectations
  watir-webdriver
